GEM
  remote: https://rubygems.org/
  specs:
    activesupport (5.1.0)
      concurrent-ruby (~> 1.0, >= 1.0.2)
      i18n (~> 0.7)
      minitest (~> 5.1)
      tzinfo (~> 1.1)
    chipmunk (6.1.3.4)
    coderay (1.1.1)
    concurrent-ruby (1.0.5)
    filepath (0.6)
    gosu (0.12.0)
    i18n (0.8.1)
    method_source (0.8.2)
    minitest (5.10.1)
    plist (3.3.0)
    pry (0.10.4)
      coderay (~> 1.1.0)
      method_source (~> 0.8.1)
      slop (~> 3.4)
    rake (12.0.0)
    rmagick (2.16.0)
    slop (3.6.0)
    thread_safe (0.3.6)
    tzinfo (1.2.3)
      thread_safe (~> 0.1)

PLATFORMS
  ruby

DEPENDENCIES
  activesupport
  chipmunk
  filepath
  gosu
  minitest
  plist
  pry
  rake
  rmagick

BUNDLED WITH
   1.14.6
