GEM
  remote: https://rubygems.org/
  specs:
    activesupport (3.2.13)
      i18n (= 0.6.1)
      multi_json (~> 1.0)
    chipmunk (6.1.3.4)
    coderay (1.1.1)
    filepath (0.6)
    gosu (0.11.3.1)
    i18n (0.6.1)
    method_source (0.8.2)
    minitest (5.10.1)
    multi_json (1.12.1)
    pry (0.10.4)
      coderay (~> 1.1.0)
      method_source (~> 0.8.1)
      slop (~> 3.4)
    rake (10.1.1)
    rmagick (2.16.0)
    slop (3.6.0)

PLATFORMS
  ruby

DEPENDENCIES
  activesupport
  chipmunk
  filepath
  gosu
  minitest
  pry
  rake
  rmagick

BUNDLED WITH
   1.14.6
