GEM
  remote: https://rubygems.org/
  specs:
    activesupport (3.2.13)
      i18n (= 0.6.1)
      multi_json (~> 1.0)
    chipmunk (6.1.3.4)
    gosu (0.11.3.1)
    i18n (0.6.1)
    minitest (5.10.1)
    multi_json (1.12.1)
    rake (10.1.1)
    rmagick (2.16.0)

PLATFORMS
  ruby

DEPENDENCIES
  activesupport
  chipmunk
  gosu
  minitest
  rake
  rmagick

BUNDLED WITH
   1.14.6
